GEM
  remote: http://rubygems.org/
  specs:
    cmdparse (2.0.3)
    json (1.5.1)
    juicer (1.0.10)
      cmdparse
      nokogiri
      rubyzip
    nokogiri (1.4.4)
    rack (1.3.0)
    rubyzip (0.9.4)
    sass (3.1.1)
    shotgun (0.9)
      rack (>= 1.0)
    sinatra (1.2.6)
      rack (~> 1.1)
      tilt (< 2.0, >= 1.2.2)
    tilt (1.3.1)

PLATFORMS
  ruby

DEPENDENCIES
  json (>= 1.5.1)
  juicer (>= 1.0.0)
  sass (>= 3.1.0)
  shotgun (>= 0.9)
  sinatra (>= 1.0.0)
